GEM
  remote: http://rubygems.org/
  specs:
    cuba (3.1.0)
      rack
    haml (4.0.0)
      tilt
    rack (1.5.2)
    rack-protection (1.3.2)
      rack
    sass (3.2.6)
    tilt (1.3.3)

PLATFORMS
  ruby

DEPENDENCIES
  cuba
  haml
  rack-protection
  sass
