GEM
  remote: http://rubygems.org/
  specs:
    cuba (3.1.0)
      rack
    haml (4.0.0)
      tilt
    nest (1.1.2)
      redis
    ohm (1.3.0)
      nest (~> 1.0)
      redis
      scrivener (~> 0.0.3)
    rack (1.5.2)
    rack-protection (1.3.2)
      rack
    redis (3.0.3)
    sass (3.2.6)
    scrivener (0.0.3)
    tilt (1.3.3)

PLATFORMS
  ruby

DEPENDENCIES
  cuba
  haml
  ohm
  rack-protection
  sass
