GEM
  remote: http://rubygems.org/
  specs:
    columnize (0.3.6)
    cuba (3.1.0)
      rack
    debugger (1.5.0)
      columnize (>= 0.3.1)
      debugger-linecache (~> 1.2.0)
      debugger-ruby_core_source (~> 1.2.0)
    debugger-linecache (1.2.0)
    debugger-ruby_core_source (1.2.0)
    faraday (0.8.7)
      multipart-post (~> 1.1)
    haml (4.0.2)
      tilt
    hashie (2.0.3)
    httpauth (0.2.0)
    jwt (0.1.8)
      multi_json (>= 1.5)
    multi_json (1.7.2)
    multipart-post (1.2.0)
    nest (1.1.2)
      redis
    oauth2 (0.8.1)
      faraday (~> 0.8)
      httpauth (~> 0.1)
      jwt (~> 0.1.4)
      multi_json (~> 1.0)
      rack (~> 1.2)
    ohm (1.3.1)
      nest (~> 1.0)
      redis
      scrivener (~> 0.0.3)
    omniauth (1.1.4)
      hashie (>= 1.2, < 3)
      rack
    omniauth-github (1.1.0)
      omniauth (~> 1.0)
      omniauth-oauth2
    omniauth-oauth2 (1.1.1)
      oauth2 (~> 0.8.0)
      omniauth (~> 1.0)
    pbkdf2 (0.1.0)
    rack (1.5.2)
    rack-protection (1.5.0)
      rack
    redis (3.0.3)
    sass (3.2.7)
    scrivener (0.0.3)
    shield (1.0.0)
      pbkdf2
    tilt (1.3.7)

PLATFORMS
  ruby

DEPENDENCIES
  cuba
  debugger
  haml
  ohm
  omniauth-github
  rack-protection
  sass
  shield
